PATH
  remote: .
  specs:
    iletimerkezisms (1.1.0)
      crack (~> 0.4, >= 0.4.2)
      nokogiri (~> 1.8.1)
      rest-client (~> 1.8, >= 1.8.0)

GEM
  remote: https://rubygems.org/
  specs:
    coderay (1.1.2)
    crack (0.4.3)
      safe_yaml (~> 1.0.0)
    domain_name (0.5.20170404)
      unf (>= 0.0.5, < 1.0.0)
    http-cookie (1.0.3)
      domain_name (~> 0.5)
    method_source (0.9.0)
    mime-types (2.99.3)
    mini_portile2 (2.3.0)
    netrc (0.11.0)
    nokogiri (1.8.1)
      mini_portile2 (~> 2.3.0)
    pry (0.11.3)
      coderay (~> 1.1.0)
      method_source (~> 0.9.0)
    rest-client (1.8.0)
      http-cookie (>= 1.0.2, < 2.0)
      mime-types (>= 1.16, < 3.0)
      netrc (~> 0.7)
    safe_yaml (1.0.4)
    unf (0.1.4)
      unf_ext
    unf_ext (0.0.7.4)

PLATFORMS
  ruby

DEPENDENCIES
  iletimerkezisms!
  pry

BUNDLED WITH
   1.16.1
